GEM
  remote: http://rubygems.org/
  specs:
    RedCloth (4.3.2)
    coderay (1.0.7)
    ffi (1.13.1)
    haml (5.1.2)
      temple (>= 0.8.0)
      tilt
    haml-contrib (1.0.0.1)
      haml (>= 3.2.0.alpha.13)
    mustermann (1.1.1)
      ruby2_keywords (~> 0.0.1)
    nesta (0.12.0)
      RedCloth (~> 4.2)
      haml (>= 3.1)
      haml-contrib (>= 1.0)
      rack (~> 2.0)
      rdiscount (~> 2.1)
      sassc (>= 2.2)
      sinatra (~> 2.0)
      tilt (~> 2.0)
    nokogiri (1.5.5)
    rack (2.2.3)
    rack-codehighlighter (0.5.0)
      nokogiri (>= 1.4.1)
      rack (>= 1.0.0)
    rack-protection (2.0.8.1)
      rack
    rdiscount (2.2.0.1)
    ruby2_keywords (0.0.2)
    sassc (2.4.0)
      ffi (~> 1.9)
    sinatra (2.0.8.1)
      mustermann (~> 1.0)
      rack (~> 2.0)
      rack-protection (= 2.0.8.1)
      tilt (~> 2.0)
    temple (0.8.2)
    tilt (2.0.10)

PLATFORMS
  ruby

DEPENDENCIES
  coderay
  nesta (>= 0.12.0)
  rack-codehighlighter

BUNDLED WITH
   1.17.3
