GEM
  remote: http://rubygems.org/
  specs:
    RedCloth (4.3.2)
    coderay (1.0.7)
    google-protobuf (3.23.3)
    haml (5.2.2)
      temple (>= 0.8.0)
      tilt
    haml-contrib (1.0.0.1)
      haml (>= 3.2.0.alpha.13)
    mustermann (2.0.2)
      ruby2_keywords (~> 0.0.1)
    nesta (0.14.0)
      RedCloth (~> 4.2)
      haml (>= 3.1, < 6.0)
      haml-contrib (>= 1.0)
      rack (~> 2)
      rake
      rdiscount (~> 2.1)
      sass-embedded (~> 1.58)
      sinatra (~> 2.0)
      tilt (~> 2.0)
    nokogiri (1.5.5)
    rack (2.2.7)
    rack-codehighlighter (0.5.0)
      nokogiri (>= 1.4.1)
      rack (>= 1.0.0)
    rack-protection (2.2.4)
      rack
    rake (13.0.6)
    rdiscount (2.2.7.1)
    ruby2_keywords (0.0.5)
    sass-embedded (1.63.4)
      google-protobuf (~> 3.23)
      rake (>= 13.0.0)
    sinatra (2.2.4)
      mustermann (~> 2.0)
      rack (~> 2.2)
      rack-protection (= 2.2.4)
      tilt (~> 2.0)
    temple (0.10.2)
    tilt (2.2.0)

PLATFORMS
  ruby

DEPENDENCIES
  coderay
  nesta (>= 0.12.0)
  rack-codehighlighter

BUNDLED WITH
   2.1.4
