GEM
  remote: http://rubygems.org/
  specs:
    RedCloth (4.2.2)
    coderay (0.9.5)
    haml (3.0.12)
    maruku (0.6.0)
      syntax (>= 1.0.0)
    nesta (0.9.3)
      RedCloth (~> 4.2)
      haml (~> 3.0)
      maruku (>= 0.6.0)
      shotgun (>= 0.8)
      sinatra (= 1.1.2)
    nokogiri (1.4.4)
    open4 (0.9.6)
    rack (1.3.1)
    rack-codehighlighter (0.4.7)
      nokogiri (>= 1.4.1)
      rack (>= 1.0.0)
    rake (0.8.7)
    rake-remote_task (2.0.2)
      open4 (~> 0.9.0)
      rake (~> 0.8.0)
    shotgun (0.9)
      rack (>= 1.0)
    sinatra (1.1.2)
      rack (~> 1.1)
      tilt (~> 1.2)
    syntax (1.0.0)
    tilt (1.2.2)
    vlad (2.1.0)
      open4 (~> 0.9.0)
      rake (~> 0.8.0)
      rake-remote_task (~> 2.0)
    vlad-git (2.2.0)
      vlad (>= 2.1.0)

PLATFORMS
  ruby

DEPENDENCIES
  coderay (= 0.9.5)
  nesta (= 0.9.3)
  rack-codehighlighter (= 0.4.7)
  vlad (= 2.1.0)
  vlad-git (= 2.2.0)
