GEM
  remote: http://rubygems.org/
  specs:
    RedCloth (4.3.2)
    coderay (1.0.7)
    ffi (1.9.25)
    haml (5.0.4)
      temple (>= 0.8.0)
      tilt
    haml-contrib (1.0.0.1)
      haml (>= 3.2.0.alpha.13)
    mini_portile2 (2.3.0)
    nesta (0.11.1)
      RedCloth (~> 4.2)
      haml (>= 3.1)
      haml-contrib (>= 1.0)
      rack (>= 1.3)
      rdiscount (~> 2.1)
      sass (>= 3.1)
      sinatra (~> 1.4)
      tilt (~> 1.4)
    nokogiri (1.8.5)
      mini_portile2 (~> 2.3.0)
    rack (1.6.11)
    rack-codehighlighter (0.5.1)
      nokogiri (>= 1.4.1)
      rack (>= 1.0.0)
    rack-protection (1.5.5)
      rack
    rb-fsevent (0.10.3)
    rb-inotify (0.9.10)
      ffi (>= 0.5.0, < 2)
    rdiscount (2.2.0.1)
    sass (3.7.0)
      sass-listen (~> 4.0.0)
    sass-listen (4.0.0)
      rb-fsevent (~> 0.9, >= 0.9.4)
      rb-inotify (~> 0.9, >= 0.9.7)
    sinatra (1.4.8)
      rack (~> 1.5)
      rack-protection (~> 1.4)
      tilt (>= 1.3, < 3)
    temple (0.8.0)
    tilt (1.4.1)

PLATFORMS
  ruby

DEPENDENCIES
  coderay
  nesta (>= 0.9.13)
  rack-codehighlighter (>= 0.5.0)

BUNDLED WITH
   1.16.6
